GEM
  remote: https://rubygems.org/
  specs:
    cinch (2.3.4)
    cinch-cooldown (1.2.1)
      cinch (~> 2)
      time-lord (~> 1.0, >= 1.0.1)
    cinch-dicebag (1.0.15)
      cinch (~> 2)
      cinch-cooldown (~> 1.1, >= 1.1.5)
      cinch-storage (~> 1.1)
      cinch-toolbox (~> 1.1)
    cinch-storage (1.2.1)
      cinch (~> 2, >= 2.0.8)
      psych (~> 2.0, >= 2.0.4)
    cinch-toolbox (1.1.7)
      nokogiri (~> 1.6)
    mini_portile2 (2.6.1)
    nokogiri (1.12.5)
      mini_portile2 (~> 2.6.1)
      racc (~> 1.4)
    pastel (0.8.0)
      tty-color (~> 0.5)
    psych (2.2.4)
    racc (1.6.0)
    time-lord (1.0.1)
    tty-color (0.6.0)
    tty-cursor (0.7.1)
    tty-prompt (0.23.1)
      pastel (~> 0.8)
      tty-reader (~> 0.8)
    tty-reader (0.9.0)
      tty-cursor (~> 0.7)
      tty-screen (~> 0.8)
      wisper (~> 2.0)
    tty-screen (0.8.1)
    wisper (2.0.1)

PLATFORMS
  ruby

DEPENDENCIES
  cinch-dicebag
  tty-prompt

BUNDLED WITH
   2.1.4
